GEM
  remote: https://rubygems.org/
  specs:
    bubble-wrap (1.1.5)
    rake (10.0.4)
    teacup (1.2.8)
      rake

PLATFORMS
  ruby

DEPENDENCIES
  bubble-wrap
  teacup
