GEM
  remote: https://rubygems.org/
  specs:
    rake (10.0.4)
    teacup (1.2.8)
      rake

PLATFORMS
  ruby

DEPENDENCIES
  teacup
